GEM
  remote: http://rubygems.org/
  remote: file:/srv/boss/boss/gemrepo/
  specs:
    amq-client (0.9.12)
      amq-protocol (>= 1.2.0)
      eventmachine
    amq-protocol (2.2.0)
    amqp (0.9.7)
      amq-client (~> 0.9.4)
      amq-protocol (>= 0.9.4)
      eventmachine
    blankslate (2.1.2.4)
    boss (0.9.3)
    diff-lcs (1.3)
    et-orbi (1.0.5)
      tzinfo
    eventmachine (0.12.10)
    file-tail (1.2.0)
      tins (~> 1.0)
    haml (5.0.1)
      temple (>= 0.8.0)
      tilt
    inifile (3.0.0)
    parslet (1.4.0)
      blankslate (~> 2.0)
    rack (1.6.8)
    rack-protection (1.5.3)
      rack
    rspec (3.6.0)
      rspec-core (~> 3.6.0)
      rspec-expectations (~> 3.6.0)
      rspec-mocks (~> 3.6.0)
    rspec-core (3.6.0)
      rspec-support (~> 3.6.0)
    rspec-expectations (3.6.0)
      diff-lcs (>= 1.2.0, < 2.0)
      rspec-support (~> 3.6.0)
    rspec-mocks (3.6.0)
      diff-lcs (>= 1.2.0, < 2.0)
      rspec-support (~> 3.6.0)
    rspec-support (3.6.0)
    ruby2ruby (1.3.1)
      ruby_parser (~> 2.0)
      sexp_processor (~> 3.0)
    ruby_parser (2.3.1)
      sexp_processor (~> 3.0)
    rufus-cloche (1.0.4)
      rufus-json (>= 1.0.3)
    rufus-dollar (1.0.4)
    rufus-json (1.0.6)
    rufus-mnemo (1.2.3)
    rufus-scheduler (3.4.2)
      et-orbi (~> 1.0)
    rufus-treechecker (1.0.8)
      ruby_parser (>= 2.0.5)
    ruote (2.3.1)
      blankslate (= 2.1.2.4)
      parslet (= 1.4.0)
      ruby_parser (~> 2.3)
      rufus-cloche (>= 1.0.2)
      rufus-dollar (>= 1.0.4)
      rufus-json (>= 1.0.1)
      rufus-mnemo (>= 1.2.2)
      rufus-scheduler (>= 2.0.16)
      rufus-treechecker (>= 1.0.8)
      sourcify (= 0.5.0)
    ruote-amqp (2.3.0.2)
      amqp (= 0.9.7)
      eventmachine (= 0.12.10)
      ruote (>= 2.3.0)
    ruote-kit (2.3.0.3)
      haml (>= 3.1.4)
      rufus-json (>= 0.2.5)
      ruote (>= 2.2.0)
      sinatra (>= 1.2.0)
      sinatra-respond_to (>= 0.8.0)
    sexp_processor (3.2.0)
    sinatra (1.4.8)
      rack (~> 1.5)
      rack-protection (~> 1.4)
      tilt (>= 1.3, < 3)
    sinatra-respond_to (0.9.0)
      sinatra (~> 1.3)
    sourcify (0.5.0)
      file-tail (>= 1.0.5)
      ruby2ruby (>= 1.2.5)
      ruby_parser (>= 2.0.5)
      sexp_processor (>= 3.0.5)
    temple (0.8.0)
    thread_safe (0.3.6)
    tilt (2.0.7)
    tins (1.15.0)
    tzinfo (1.2.3)
      thread_safe (~> 0.1)
    yajl-ruby (1.3.0)

PLATFORMS
  ruby

DEPENDENCIES
  amqp!
  boss!
  inifile!
  rspec!
  ruote!
  ruote-amqp!
  ruote-kit!
  yajl-ruby (>= 1.3.0)!

BUNDLED WITH
   1.15.0
