GIT
  remote: https://github.com/MeeGoIntegration/ruote-kit.git
  revision: 4d886554f59ac2fc9e541bffa4bf38ee1018eeb1
  branch: master
  specs:
    ruote-kit (2.2.1)
      haml (= 3.1.2)
      rufus-json (>= 0.2.5)
      sinatra (~> 1.2.0)
      sinatra-respond_to (~> 0.7.0)

GIT
  remote: https://github.com/MeeGoIntegration/ruote.git
  revision: 30a6bb88a4e48ed2e1b9089754f1c8be8c1a879c
  ref: 30a6bb88
  specs:
    ruote (2.3.1)
      blankslate (= 2.1.2.4)
      parslet (= 1.4.0)
      ruby_parser (~> 2.3)
      rufus-cloche (>= 1.0.2)
      rufus-dollar (>= 1.0.4)
      rufus-json (>= 1.0.5)
      rufus-mnemo (>= 1.2.2)
      rufus-scheduler (>= 3.0.0)
      rufus-treechecker (>= 1.0.8)
      sourcify (= 0.5.0)

PATH
  remote: .
  specs:
    boss (0.9.5)

GEM
  remote: https://rubygems.org/
  specs:
    amq-protocol (2.3.1)
    backports (3.17.1)
    blankslate (2.1.2.4)
    bunny (2.15.0)
      amq-protocol (~> 2.3, >= 2.3.1)
    concurrent-ruby (1.1.6)
    diff-lcs (1.3)
    et-orbi (1.2.4)
      tzinfo
    file-tail (1.2.0)
      tins (~> 1.0)
    fugit (1.3.5)
      et-orbi (~> 1.1, >= 1.1.8)
      raabro (~> 1.1)
    haml (3.1.2)
    inifile (3.0.0)
    parslet (1.4.0)
      blankslate (~> 2.0)
    raabro (1.1.6)
    rack (1.4.7)
    rspec (3.9.0)
      rspec-core (~> 3.9.0)
      rspec-expectations (~> 3.9.0)
      rspec-mocks (~> 3.9.0)
    rspec-core (3.9.2)
      rspec-support (~> 3.9.3)
    rspec-expectations (3.9.2)
      diff-lcs (>= 1.2.0, < 2.0)
      rspec-support (~> 3.9.0)
    rspec-mocks (3.9.1)
      diff-lcs (>= 1.2.0, < 2.0)
      rspec-support (~> 3.9.0)
    rspec-support (3.9.3)
    ruby2ruby (1.3.1)
      ruby_parser (~> 2.0)
      sexp_processor (~> 3.0)
    ruby_parser (2.3.1)
      sexp_processor (~> 3.0)
    rufus-cloche (1.0.4)
      rufus-json (>= 1.0.3)
    rufus-dollar (1.0.4)
    rufus-json (1.0.6)
    rufus-mnemo (1.2.3)
    rufus-scheduler (3.6.0)
      fugit (~> 1.1, >= 1.1.6)
    rufus-treechecker (1.0.8)
      ruby_parser (>= 2.0.5)
    sexp_processor (3.2.0)
    sinatra (1.2.9)
      backports
      rack (~> 1.1, < 1.5)
      tilt (>= 1.2.2, < 2.0)
    sinatra-respond_to (0.7.0)
      sinatra (~> 1.2)
    sourcify (0.5.0)
      file-tail (>= 1.0.5)
      ruby2ruby (>= 1.2.5)
      ruby_parser (>= 2.0.5)
      sexp_processor (>= 3.0.5)
    sync (0.5.0)
    tilt (1.4.1)
    tins (1.24.1)
      sync
    tzinfo (2.0.2)
      concurrent-ruby (~> 1.0)
    yajl-ruby (1.4.1)

PLATFORMS
  ruby

DEPENDENCIES
  boss!
  bunny!
  inifile!
  rspec!
  ruote!
  ruote-kit!
  yajl-ruby (>= 1.3.0)!

BUNDLED WITH
   1.16.1
